GEM
  remote: http://rubygems.org/
  specs:
    activemodel (4.2.11)
      activesupport (= 4.2.11)
      builder (~> 3.1)
    activesupport (4.2.11)
      i18n (~> 0.7)
      minitest (~> 5.1)
      thread_safe (~> 0.3, >= 0.3.4)
      tzinfo (~> 1.1)
    addressable (2.5.2)
      public_suffix (>= 2.0.2, < 4.0)
    aws-eventstream (1.0.1)
    aws-partitions (1.130.0)
    aws-record (2.2.0)
      aws-sdk-dynamodb (~> 1.18)
    aws-sdk-core (3.44.2)
      aws-eventstream (~> 1.0)
      aws-partitions (~> 1.0)
      aws-sigv4 (~> 1.0)
      jmespath (~> 1.0)
    aws-sdk-dynamodb (1.19.0)
      aws-sdk-core (~> 3, >= 3.39.0)
      aws-sigv4 (~> 1.0)
    aws-sdk-lambda (1.18.0)
      aws-sdk-core (~> 3, >= 3.39.0)
      aws-sigv4 (~> 1.0)
    aws-sigv4 (1.0.3)
    backports (3.11.4)
    bcp47 (0.3.3)
      i18n
    builder (3.2.3)
    concurrent-ruby (1.1.4)
    date_time_precision (0.8.1)
    faraday (0.15.4)
      multipart-post (>= 1.2, < 3)
    faraday_middleware (0.13.1)
      faraday (>= 0.7.4, < 1.0)
    fhir_models (3.0.4)
      bcp47 (>= 0.3)
      date_time_precision (>= 0.8)
      mime-types (>= 3.0)
      nokogiri (>= 1.8.2)
    i18n (0.9.5)
      concurrent-ruby (~> 1.0)
    jmespath (1.4.0)
    json (2.1.0)
    mime-types (3.2.2)
      mime-types-data (~> 3.2015)
    mime-types-data (3.2019.0331)
    mini_portile2 (2.4.0)
    minitest (5.11.3)
    multi_json (1.13.1)
    multipart-post (2.0.0)
    mustermann (1.0.3)
    nokogiri (1.10.4)
      mini_portile2 (~> 2.4.0)
    public_suffix (3.0.3)
    rack (2.0.6)
    rack-contrib (2.1.0)
      rack (~> 2.0)
    rack-cors (1.0.5)
      rack (>= 1.6.0)
    rack-protection (2.0.5)
      rack
    rake (12.3.2)
    rb-readline (0.5.5)
    requirable (0.0.3)
    rubysl-base64 (2.0.0)
    sawyer (0.8.1)
      addressable (>= 2.3.5, < 2.6)
      faraday (~> 0.8, < 1.0)
    sinatra (2.0.5)
      mustermann (~> 1.0)
      rack (~> 2.0)
      rack-protection (= 2.0.5)
      tilt (~> 2.0)
    sinatra-contrib (2.0.5)
      backports (>= 2.8.2)
      multi_json
      mustermann (~> 1.0)
      rack-protection (= 2.0.5)
      sinatra (= 2.0.5)
      tilt (>= 1.3, < 3)
    sinatra-param (1.5.0)
      sinatra (>= 1.3)
    thread_safe (0.3.6)
    tilt (2.0.9)
    tzinfo (1.2.5)
      thread_safe (~> 0.1)

PLATFORMS
  ruby

DEPENDENCIES
  activemodel (~> 4.2, >= 4.2.6)
  aws-record
  aws-sdk-lambda
  faraday
  faraday_middleware
  fhir_models (~> 3.0)
  json
  rack
  rack-contrib
  rack-cors
  rake
  rb-readline
  requirable
  rubysl-base64
  sawyer
  sinatra
  sinatra-contrib
  sinatra-param

RUBY VERSION
   ruby 2.5.5p157

BUNDLED WITH
   1.17.3
